GEM
  remote: https://rubygems.org/
  specs:
    OptionParser (0.5.1)
    couchrest (2.0.0)
      httpclient (~> 2.8)
      mime-types (>= 1.15)
      multi_json (~> 1.7)
    httpclient (2.8.3)
    mime-types (3.1)
      mime-types-data (~> 3.2015)
    mime-types-data (3.2016.0521)
    multi_json (1.12.1)

PLATFORMS
  ruby

DEPENDENCIES
  OptionParser (~> 0.5.1)!
  couchrest (~> 2.0)!
